GEM
  remote: https://rubygems.org/
  specs:
    dotenv (0.7.0)
    foreman (0.67.0)
      dotenv (~> 0.7.0)
      thor (~> 0.17.0)
    jasmine (2.0.1)
      jasmine-core (~> 2.0.0)
      phantomjs
      rack (>= 1.2.1)
      rake
    jasmine-core (2.0.0)
    phantomjs (1.9.7.0)
    rack (1.5.2)
    rake (10.3.2)
    thor (0.17.0)

PLATFORMS
  ruby

DEPENDENCIES
  foreman
  jasmine
  rake
